GEM
  remote: https://rubygems.org/
  specs:
    cgi (0.3.6)
    erb (4.0.2)
      cgi (>= 0.3.3)
    fileutils (1.6.0)
    iptc (0.0.9)
    rszr (1.3.0)

PLATFORMS
  ruby

DEPENDENCIES
  erb
  fileutils
  iptc
  rszr

BUNDLED WITH
   2.3.22
