GEM
  remote: https://rubygems.org/
  specs:
    cgi (0.3.1)
    erb (2.2.3)
      cgi
    fileutils (1.5.0)
    iptc (0.0.9)
    rszr (1.0.1)

PLATFORMS
  ruby

DEPENDENCIES
  erb
  fileutils
  iptc
  rszr

BUNDLED WITH
   1.17.2
