GEM
  remote: https://rubygems.org/
  specs:
    cgi (0.4.2)
    erb (2.2.3)
      cgi
    fileutils (1.7.3)
    iptc (0.0.9)
    rszr (1.5.0)

PLATFORMS
  ruby

DEPENDENCIES
  erb
  fileutils
  iptc
  rszr

BUNDLED WITH
   1.17.2
